GEM
  remote: https://rubygems.org/
  specs:
    backports (3.6.7)
    builder (3.2.2)
    chronic (0.10.2)
    daemons (1.2.3)
    eventmachine (1.0.8)
    geokit (1.10.0)
    json (1.8.3)
    jwt (1.5.2)
    mini_portile2 (2.0.0)
    multi_json (1.11.2)
    nokogiri (1.6.7.2)
      mini_portile2 (~> 2.0.0.rc2)
    rack (1.6.4)
    rack-protection (1.5.3)
      rack
    rack-test (0.6.3)
      rack (>= 1.0)
    redis (3.2.2)
    sinatra (1.4.6)
      rack (~> 1.4)
      rack-protection (~> 1.4)
      tilt (>= 1.3, < 3)
    sinatra-contrib (1.4.6)
      backports (>= 2.0)
      multi_json
      rack-protection
      rack-test
      sinatra (~> 1.4.0)
      tilt (>= 1.3, < 3)
    sinatra-partial (0.4.0)
      sinatra
    sinatra-reloader (1.0)
      sinatra-contrib
    thin (1.6.4)
      daemons (~> 1.0, >= 1.0.9)
      eventmachine (~> 1.0, >= 1.0.4)
      rack (~> 1.0)
    tilt (2.0.1)
    twilio-ruby (4.6.2)
      builder (>= 2.1.2)
      jwt (~> 1.0)
      multi_json (>= 1.3.0)

PLATFORMS
  ruby

DEPENDENCIES
  chronic
  geokit
  json
  nokogiri
  redis
  sinatra
  sinatra-partial
  sinatra-reloader
  thin
  twilio-ruby

BUNDLED WITH
   1.11.2
